PATH
  remote: .
  specs:
    fcop (0.1.0)

GEM
  remote: https://rubygems.org/
  specs:
    byebug (10.0.0)
    minitest (5.11.3)
    rake (10.5.0)

PLATFORMS
  ruby

DEPENDENCIES
  bundler (~> 1.16)
  byebug
  fcop!
  minitest (~> 5.0)
  rake (~> 10.0)

BUNDLED WITH
   1.16.1
